GIT
  remote: https://github.com/ananace/ruby-matrix-sdk.git
  revision: 37a5c27da77966b77fef2d90167924a1e6833091
  specs:
    matrix_sdk (0.0.3)
      logging (~> 2)

GEM
  remote: https://rubygems.org/
  specs:
    et-orbi (1.1.4)
      tzinfo
    fugit (1.1.5)
      et-orbi (~> 1.1, >= 1.1.3)
      raabro (~> 1.1)
    httparty (0.16.2)
      multi_xml (>= 0.5.2)
    little-plugger (1.1.4)
    logging (2.2.2)
      little-plugger (~> 1.1)
      multi_json (~> 1.10)
    multi_json (1.13.1)
    multi_xml (0.6.0)
    raabro (1.1.6)
    rufus-scheduler (3.5.2)
      fugit (~> 1.1, >= 1.1.5)
    thread_safe (0.3.6)
    tzinfo (1.2.5)
      thread_safe (~> 0.1)
    tzinfo-data (1.2018.5)
      tzinfo (>= 1.0.0)

PLATFORMS
  x64-mingw32

DEPENDENCIES
  httparty
  matrix_sdk!
  rufus-scheduler
  tzinfo-data

BUNDLED WITH
   1.16.3
